GIT
  remote: https://bitbucket.org/piktur/knock.git
  revision: 701ac99f34a36f175df11162654a0d4ec886f7a1
  branch: master
  specs:
    knock (2.0)
      bcrypt (~> 3.1)
      jwt (~> 1.5)

GIT
  remote: https://bitbucket.org/piktur/piktur.git
  revision: 9c9437da526fdf4402a3251375562d56d674adb4
  branch: master
  specs:
    piktur (0.0.1)
      activesupport (= 4.2.5.1)
      awesome_print (~> 1.7)
      benchmark-ips (~> 2.7)
      byebug (~> 9.0)
      dotenv (~> 2.1)
      faker (~> 1.6)
      foreman (~> 0.81)
      knock (~> 2.0)
      newrelic_rpm (~> 3.17)
      oj (~> 2.18)
      pry (~> 0.10)
      pry-rescue (~> 1.4)
      pry-stack_explorer (~> 0.4)
      puma (~> 3.4)
      pundit (~> 1.1)
      rack_auth_jwt (>= 0.0.1)
      rake (~> 12.0)
      redcarpet (~> 3.0)
      rubocop (~> 0.40)
      simplecov (~> 0.12)
      slim (~> 3.0)
      yard (~> 0.8)

GIT
  remote: https://bitbucket.org/piktur/piktur_api.git
  revision: 0734d608503bc2a47524fc18da49b1c2dac109ff
  branch: develop
  specs:
    piktur_api (0.0.1)
      rack-cors (~> 0.4)
      rails (= 4.2.5.1)
      rails-api (~> 0.4)

GIT
  remote: https://bitbucket.org/piktur/piktur_core.git
  revision: 1c5b2959ed9777280ff615db09ac435f740d6cd4
  branch: develop
  specs:
    piktur_core (0.0.1)
      actionmailer (= 4.2.5.1)
      actionpack (= 4.2.5.1)
      active_model_serializers (= 0.10.2)
      activemodel (= 4.2.5.1)
      activerecord (= 4.2.5.1)
      activesupport (= 4.2.5.1)
      amoeba (~> 3.1)
      ancestry (~> 2.1)
      annotate (= 2.7.1)
      aruba (~> 0.14)
      aws-sdk (~> 2.3)
      bcrypt (~> 3.1)
      better_errors (~> 2.1)
      bullet (~> 5.1)
      capybara (~> 2.7)
      color_sort (~> 1.1)
      database_cleaner (~> 1.5)
      factory_girl_rails (~> 4.7)
      friendly_id (~> 5.1)
      i18n_generators (~> 2.0)
      jasmine (~> 2.4)
      kaminari (~> 0.1)
      paleta (~> 0.3)
      pg (~> 0.15)
      pry (~> 0.10)
      pry-rails (~> 0.3)
      pry-rescue (~> 1.4)
      pry-stack_explorer (~> 0.4)
      rails (= 4.2.5.1)
      roda (~> 2.1)
      rspec-rails (~> 3.4)
      rubocop (~> 0.40)
      shoulda-matchers (~> 3.1)
      shrine (= 2.2.0)
      sidekiq (~> 4.1)
      sinatra (~> 1.4)
      spring (~> 1.7)
      spring-commands-rspec (~> 1.0)
      wisper (~> 2.0)
      wisper-rspec
      wisper-testing

GIT
  remote: https://github.com/lsegal/yard
  revision: fdf71a4708e91d2c422ef2a815ee9c36a7c60710
  branch: master
  specs:
    yard (0.9.8)

PATH
  remote: .
  specs:
    piktur_docs (0.0.1)
      rack (~> 1.6.5)

GEM
  remote: http://localhost:9292/
  specs:
    actionmailer (4.2.5.1)
      actionpack (= 4.2.5.1)
      actionview (= 4.2.5.1)
      activejob (= 4.2.5.1)
      mail (~> 2.5, >= 2.5.4)
      rails-dom-testing (~> 1.0, >= 1.0.5)
    actionpack (4.2.5.1)
      actionview (= 4.2.5.1)
      activesupport (= 4.2.5.1)
      rack (~> 1.6)
      rack-test (~> 0.6.2)
      rails-dom-testing (~> 1.0, >= 1.0.5)
      rails-html-sanitizer (~> 1.0, >= 1.0.2)
    actionview (4.2.5.1)
      activesupport (= 4.2.5.1)
      builder (~> 3.1)
      erubis (~> 2.7.0)
      rails-dom-testing (~> 1.0, >= 1.0.5)
      rails-html-sanitizer (~> 1.0, >= 1.0.2)
    active_model_serializers (0.10.2)
      actionpack (>= 4.1, < 6)
      activemodel (>= 4.1, < 6)
      jsonapi (~> 0.1.1.beta2)
      railties (>= 4.1, < 6)
    activejob (4.2.5.1)
      activesupport (= 4.2.5.1)
      globalid (>= 0.3.0)
    activemodel (4.2.5.1)
      activesupport (= 4.2.5.1)
      builder (~> 3.1)
    activerecord (4.2.5.1)
      activemodel (= 4.2.5.1)
      activesupport (= 4.2.5.1)
      arel (~> 6.0)
    activesupport (4.2.5.1)
      i18n (~> 0.7)
      json (~> 1.7, >= 1.7.7)
      minitest (~> 5.1)
      thread_safe (~> 0.3, >= 0.3.4)
      tzinfo (~> 1.1)
    addressable (2.5.0)
      public_suffix (~> 2.0, >= 2.0.2)
    amoeba (3.1.0)
      activerecord (>= 3.2.6)
    ancestry (2.2.2)
      activerecord (>= 3.0.0)
    annotate (2.7.1)
      activerecord (>= 4.2.5)
      rake (~> 12)
    arel (6.0.4)
    aruba (0.14.2)
      childprocess (~> 0.5.6)
      contracts (~> 0.9)
      cucumber (>= 1.3.19)
      ffi (~> 1.9.10)
      rspec-expectations (>= 2.99)
      thor (~> 0.19)
    ast (2.3.0)
    awesome_print (1.7.0)
    aws-sdk (2.8.11)
      aws-sdk-resources (= 2.8.11)
    aws-sdk-core (2.8.11)
      aws-sigv4 (~> 1.0)
      jmespath (~> 1.0)
    aws-sdk-resources (2.8.11)
      aws-sdk-core (= 2.8.11)
    aws-sigv4 (1.0.0)
    bcrypt (3.1.11)
    benchmark-ips (2.7.2)
    better_errors (2.1.1)
      coderay (>= 1.0.0)
      erubis (>= 2.6.6)
      rack (>= 0.9.0)
    binding_of_caller (0.7.2)
      debug_inspector (>= 0.0.1)
    builder (3.2.3)
    bullet (5.5.1)
      activesupport (>= 3.0.0)
      uniform_notifier (~> 1.10.0)
    byebug (9.0.6)
    capybara (2.13.0)
      addressable
      mime-types (>= 1.16)
      nokogiri (>= 1.3.3)
      rack (>= 1.0.0)
      rack-test (>= 0.5.4)
      xpath (~> 2.0)
    childprocess (0.5.9)
      ffi (~> 1.0, >= 1.0.11)
    coderay (1.1.1)
    color (1.8)
    color_sort (1.1.0)
      color
      colorscore
    colorscore (0.0.5)
      color
    concurrent-ruby (1.0.5)
    connection_pool (2.2.1)
    contracts (0.15.0)
    cucumber (2.4.0)
      builder (>= 2.1.2)
      cucumber-core (~> 1.5.0)
      cucumber-wire (~> 0.0.1)
      diff-lcs (>= 1.1.3)
      gherkin (~> 4.0)
      multi_json (>= 1.7.5, < 2.0)
      multi_test (>= 0.1.2)
    cucumber-core (1.5.0)
      gherkin (~> 4.0)
    cucumber-wire (0.0.1)
    database_cleaner (1.5.3)
    debug_inspector (0.0.2)
    diff-lcs (1.3)
    docile (1.1.5)
    dotenv (2.2.0)
    down (2.4.2)
    erubis (2.7.0)
    factory_girl (4.8.0)
      activesupport (>= 3.0.0)
    factory_girl_rails (4.8.0)
      factory_girl (~> 4.8.0)
      railties (>= 3.0.0)
    faker (1.7.3)
      i18n (~> 0.5)
    ffi (1.9.18)
    foreman (0.84.0)
      thor (~> 0.19.1)
    friendly_id (5.2.0)
      activerecord (>= 4.0.0)
    gherkin (4.1.1)
    globalid (0.3.7)
      activesupport (>= 4.1.0)
    i18n (0.8.1)
    i18n_generators (2.1.1)
      rails (>= 3.0.0)
    interception (0.5)
    jasmine (2.5.2)
      jasmine-core (>= 2.5.1, < 3.0.0)
      phantomjs
      rack (>= 1.2.1)
      rake
    jasmine-core (2.5.2)
    jmespath (1.3.1)
    json (1.8.6)
    jsonapi (0.1.1.beta6)
      jsonapi-parser (= 0.1.1.beta3)
      jsonapi-renderer (= 0.1.1.beta1)
    jsonapi-parser (0.1.1.beta3)
    jsonapi-renderer (0.1.1.beta1)
    jwt (1.5.6)
    kaminari (0.17.0)
      actionpack (>= 3.0.0)
      activesupport (>= 3.0.0)
    loofah (2.0.3)
      nokogiri (>= 1.5.9)
    mail (2.6.4)
      mime-types (>= 1.16, < 4)
    method_source (0.8.2)
    mime-types (3.1)
      mime-types-data (~> 3.2015)
    mime-types-data (3.2016.0521)
    mini_portile2 (2.1.0)
    minitest (5.10.1)
    multi_json (1.12.1)
    multi_test (0.1.2)
    newrelic_rpm (3.18.1.330)
    nokogiri (1.7.1)
      mini_portile2 (~> 2.1.0)
    oj (2.18.5)
    paleta (0.3.0)
    parser (2.4.0.0)
      ast (~> 2.2)
    pg (0.20.0)
    phantomjs (2.1.1.0)
    powerpack (0.1.1)
    pry (0.10.4)
      coderay (~> 1.1.0)
      method_source (~> 0.8.1)
      slop (~> 3.4)
    pry-rails (0.3.6)
      pry (>= 0.10.4)
    pry-rescue (1.4.5)
      interception (>= 0.5)
      pry
    pry-stack_explorer (0.4.9.2)
      binding_of_caller (>= 0.7)
      pry (>= 0.9.11)
    public_suffix (2.0.5)
    puma (3.8.2)
    pundit (1.1.0)
      activesupport (>= 3.0.0)
    rack (1.6.5)
    rack-cors (0.4.1)
    rack-protection (1.5.3)
      rack
    rack-test (0.6.3)
      rack (>= 1.0)
    rack_auth_jwt (0.0.1)
      activesupport (~> 4.2.5)
      knock (~> 2.0)
      pundit (~> 1.1)
      rack (~> 1.6.5)
    rails (4.2.5.1)
      actionmailer (= 4.2.5.1)
      actionpack (= 4.2.5.1)
      actionview (= 4.2.5.1)
      activejob (= 4.2.5.1)
      activemodel (= 4.2.5.1)
      activerecord (= 4.2.5.1)
      activesupport (= 4.2.5.1)
      bundler (>= 1.3.0, < 2.0)
      railties (= 4.2.5.1)
      sprockets-rails
    rails-api (0.4.1)
      actionpack (>= 3.2.11)
      railties (>= 3.2.11)
    rails-deprecated_sanitizer (1.0.3)
      activesupport (>= 4.2.0.alpha)
    rails-dom-testing (1.0.8)
      activesupport (>= 4.2.0.beta, < 5.0)
      nokogiri (~> 1.6)
      rails-deprecated_sanitizer (>= 1.0.1)
    rails-html-sanitizer (1.0.3)
      loofah (~> 2.0)
    railties (4.2.5.1)
      actionpack (= 4.2.5.1)
      activesupport (= 4.2.5.1)
      rake (>= 0.8.7)
      thor (>= 0.18.1, < 2.0)
    rainbow (2.2.1)
    rake (12.0.0)
    redcarpet (3.4.0)
    redis (3.3.3)
    roda (2.24.0)
      rack
    rspec-core (3.5.4)
      rspec-support (~> 3.5.0)
    rspec-expectations (3.5.0)
      diff-lcs (>= 1.2.0, < 2.0)
      rspec-support (~> 3.5.0)
    rspec-mocks (3.5.0)
      diff-lcs (>= 1.2.0, < 2.0)
      rspec-support (~> 3.5.0)
    rspec-rails (3.5.2)
      actionpack (>= 3.0)
      activesupport (>= 3.0)
      railties (>= 3.0)
      rspec-core (~> 3.5.0)
      rspec-expectations (~> 3.5.0)
      rspec-mocks (~> 3.5.0)
      rspec-support (~> 3.5.0)
    rspec-support (3.5.0)
    rubocop (0.48.1)
      parser (>= 2.3.3.1, < 3.0)
      powerpack (~> 0.1)
      rainbow (>= 1.99.1, < 3.0)
      ruby-progressbar (~> 1.7)
      unicode-display_width (~> 1.0, >= 1.0.1)
    ruby-progressbar (1.8.1)
    shoulda-matchers (3.1.1)
      activesupport (>= 4.0.0)
    shrine (2.2.0)
      down (>= 2.3.5)
    sidekiq (4.2.10)
      concurrent-ruby (~> 1.0)
      connection_pool (~> 2.2, >= 2.2.0)
      rack-protection (>= 1.5.0)
      redis (~> 3.2, >= 3.2.1)
    simplecov (0.14.1)
      docile (~> 1.1.0)
      json (>= 1.8, < 3)
      simplecov-html (~> 0.10.0)
    simplecov-html (0.10.0)
    sinatra (1.4.8)
      rack (~> 1.5)
      rack-protection (~> 1.4)
      tilt (>= 1.3, < 3)
    slim (3.0.7)
      temple (~> 0.7.6)
      tilt (>= 1.3.3, < 2.1)
    slop (3.6.0)
    spring (1.7.2)
    spring-commands-rspec (1.0.4)
      spring (>= 0.9.1)
    sprockets (3.7.1)
      concurrent-ruby (~> 1.0)
      rack (> 1, < 3)
    sprockets-rails (3.2.0)
      actionpack (>= 4.0)
      activesupport (>= 4.0)
      sprockets (>= 3.0.0)
    temple (0.7.7)
    thor (0.19.4)
    thread_safe (0.3.6)
    tilt (2.0.7)
    tzinfo (1.2.3)
      thread_safe (~> 0.1)
    unicode-display_width (1.2.1)
    uniform_notifier (1.10.0)
    wisper (2.0.0)
    wisper-rspec (0.0.3)
    wisper-testing (0.1.0)
      wisper (~> 2.0)
    xpath (2.0.0)
      nokogiri (~> 1.3)

PLATFORMS
  ruby

DEPENDENCIES
  knock!
  newrelic_rpm
  piktur!
  piktur_api!
  piktur_core!
  piktur_docs!
  redcarpet
  yard!

RUBY VERSION
   ruby 2.3.0p0

BUNDLED WITH
   1.14.6
