GIT
  remote: https://bitbucket.org/piktur/piktur.git
  revision: f374ede0940f148e8ad02835a79b0c31d470f75d
  branch: master
  specs:
    piktur (0.0.1)
      activesupport (= 5.1.0)
      dotenv (~> 2.1)
      dry-configurable (~> 0.7)
      dry-types (~> 0.13)
      fast_underscore (~> 0.3)
      foreman (~> 0.8)
      newrelic_rpm (~> 3.17)
      oj (~> 3.5)
      puma (~> 3.4)
      rake (~> 12.0)
      redcarpet (~> 3.0)
      slim (~> 3.0)

GIT
  remote: https://bitbucket.org/piktur/piktur_admin.git
  revision: 8b732c78829f66e3863168a136b815dcd666af7b
  branch: webpack
  specs:
    piktur_admin (0.0.1)
      rails (= 5.1.0)
      slim-rails (~> 3.1)
      webpack

GIT
  remote: https://bitbucket.org/piktur/piktur_api.git
  revision: 2d74b9a0ad85240a9ff9fe0544059e52cb6e9020
  branch: trailblazer
  specs:
    piktur_api (0.0.1)
      rack-cors (~> 0.4)
      rails (= 5.1.0)

GIT
  remote: https://bitbucket.org/piktur/piktur_core.git
  revision: a5de72ef261b125868c986d30fb0aacac0c2237c
  branch: rom
  specs:
    piktur_core (0.0.1)
      actioncable (= 5.1.0)
      actionmailer (= 5.1.0)
      actionpack (= 5.1.0)
      active_model_serializers (= 0.10.2)
      activejob (= 5.1.0)
      activemodel (= 5.1.0)
      activesupport (= 5.1.0)
      ancestry (~> 2.1)
      aws-sdk (~> 2.3)
      color_sort (~> 1.1)
      countries (~> 2.0)
      dry-equalizer (~> 0.2)
      dry-monads (~> 0.4)
      dry-struct (~> 0.5)
      dry-transaction (~> 0.1)
      dry-validation (~> 0.1)
      friendly_id (~> 5.1)
      kaminari (~> 1.0)
      liquid (~> 4.0)
      paleta (~> 0.3)
      pg (~> 0.15)
      rails (= 5.1.0)
      roar-jsonapi (~> 0.0)
      roda (~> 2.1)
      rom-rails (~> 1.1)
      rom-sql (~> 2.5)
      sequel_pg (~> 1.8)
      sequel_postgresql_triggers (~> 1.4)
      shrine (~> 2.6.0)
      sidekiq (~> 5.0)
      sinatra (~> 2.0)
      wisper (~> 2.0)

GIT
  remote: https://bitbucket.org/piktur/piktur_security.git
  revision: 0f6c03359b5b372228b13ce2a9970f25d6149a71
  branch: rails5
  specs:
    piktur_security (0.0.1)
      bcrypt (~> 3.1)
      jwt (~> 1.5)
      pundit (~> 1.1)
      rack (~> 2.0)

GIT
  remote: https://bitbucket.org/piktur/piktur_store.git
  revision: 74d4f5a3a58cc510b5fe4112617bddbe0f9a0237
  branch: master
  specs:
    piktur_store (0.0.1)
      stripe (~> 1.4)

GIT
  remote: https://github.com/lsegal/yard
  revision: fdf71a4708e91d2c422ef2a815ee9c36a7c60710
  branch: master
  specs:
    yard (0.9.8)

PATH
  remote: .
  specs:
    piktur_docs (0.0.1)
      rack (~> 2.0)

GEM
  remote: http://localhost:9292/
  specs:
    actioncable (5.1.0)
      actionpack (= 5.1.0)
      nio4r (~> 2.0)
      websocket-driver (~> 0.6.1)
    actionmailer (5.1.0)
      actionpack (= 5.1.0)
      actionview (= 5.1.0)
      activejob (= 5.1.0)
      mail (~> 2.5, >= 2.5.4)
      rails-dom-testing (~> 2.0)
    actionpack (5.1.0)
      actionview (= 5.1.0)
      activesupport (= 5.1.0)
      rack (~> 2.0)
      rack-test (~> 0.6.3)
      rails-dom-testing (~> 2.0)
      rails-html-sanitizer (~> 1.0, >= 1.0.2)
    actionview (5.1.0)
      activesupport (= 5.1.0)
      builder (~> 3.1)
      erubi (~> 1.4)
      rails-dom-testing (~> 2.0)
      rails-html-sanitizer (~> 1.0, >= 1.0.3)
    active_model_serializers (0.10.2)
      actionpack (>= 4.1, < 6)
      activemodel (>= 4.1, < 6)
      jsonapi (~> 0.1.1.beta2)
      railties (>= 4.1, < 6)
    activejob (5.1.0)
      activesupport (= 5.1.0)
      globalid (>= 0.3.6)
    activemodel (5.1.0)
      activesupport (= 5.1.0)
    activerecord (5.1.0)
      activemodel (= 5.1.0)
      activesupport (= 5.1.0)
      arel (~> 8.0)
    activesupport (5.1.0)
      concurrent-ruby (~> 1.0, >= 1.0.2)
      i18n (~> 0.7)
      minitest (~> 5.1)
      tzinfo (~> 1.1)
    addressable (2.5.2)
      public_suffix (>= 2.0.2, < 4.0)
    ancestry (2.2.2)
      activerecord (>= 3.0.0)
    arel (8.0.0)
    aws-sdk (2.11.68)
      aws-sdk-resources (= 2.11.68)
    aws-sdk-core (2.11.68)
      aws-sigv4 (~> 1.0)
      jmespath (~> 1.0)
    aws-sdk-resources (2.11.68)
      aws-sdk-core (= 2.11.68)
    aws-sigv4 (1.0.2)
    bcrypt (3.1.12)
    builder (3.2.3)
    coderay (1.1.2)
    color (1.8)
    color_sort (1.1.0)
      color
      colorscore
    colorscore (0.0.5)
      color
    concurrent-ruby (1.0.5)
    connection_pool (2.2.2)
    countries (2.1.4)
      i18n_data (~> 0.8.0)
      money (~> 6.9)
      sixarm_ruby_unaccent (~> 1.1)
      unicode_utils (~> 1.4)
    crass (1.0.4)
    declarative (0.0.10)
    declarative-option (0.1.0)
    domain_name (0.5.20180417)
      unf (>= 0.0.5, < 1.0.0)
    dotenv (2.4.0)
    down (4.5.0)
    dry-configurable (0.7.0)
      concurrent-ruby (~> 1.0)
    dry-container (0.6.0)
      concurrent-ruby (~> 1.0)
      dry-configurable (~> 0.1, >= 0.1.3)
    dry-core (0.4.6)
      concurrent-ruby (~> 1.0)
    dry-equalizer (0.2.1)
    dry-events (0.1.0)
      concurrent-ruby (~> 1.0)
      dry-core (~> 0.4)
      dry-equalizer (~> 0.2)
    dry-inflector (0.1.2)
    dry-initializer (2.4.0)
    dry-logic (0.4.2)
      dry-container (~> 0.2, >= 0.2.6)
      dry-core (~> 0.2)
      dry-equalizer (~> 0.2)
    dry-matcher (0.7.0)
    dry-monads (0.4.0)
      dry-core (~> 0.3, >= 0.3.3)
      dry-equalizer
    dry-struct (0.5.0)
      dry-core (~> 0.4, >= 0.4.3)
      dry-equalizer (~> 0.2)
      dry-types (~> 0.13)
      ice_nine (~> 0.11)
    dry-transaction (0.13.0)
      dry-container (>= 0.2.8)
      dry-events (>= 0.1.0)
      dry-matcher (>= 0.7.0)
      dry-monads (>= 0.4.0)
    dry-types (0.13.2)
      concurrent-ruby (~> 1.0)
      dry-container (~> 0.3)
      dry-core (~> 0.4, >= 0.4.4)
      dry-equalizer (~> 0.2)
      dry-inflector (~> 0.1, >= 0.1.2)
      dry-logic (~> 0.4, >= 0.4.2)
    dry-validation (0.12.0)
      concurrent-ruby (~> 1.0)
      dry-configurable (~> 0.1, >= 0.1.3)
      dry-core (~> 0.2, >= 0.2.1)
      dry-equalizer (~> 0.2)
      dry-logic (~> 0.4, >= 0.4.0)
      dry-types (~> 0.13.1)
    erubi (1.7.1)
    fast_underscore (0.3.1)
    foreman (0.84.0)
      thor (~> 0.19.1)
    friendly_id (5.2.4)
      activerecord (>= 4.0.0)
    globalid (0.4.1)
      activesupport (>= 4.2.0)
    http-cookie (1.0.3)
      domain_name (~> 0.5)
    i18n (0.9.5)
      concurrent-ruby (~> 1.0)
    i18n_data (0.8.0)
    ice_nine (0.11.2)
    jmespath (1.4.0)
    jsonapi (0.1.1.beta6)
      jsonapi-parser (= 0.1.1.beta3)
      jsonapi-renderer (= 0.1.1.beta1)
    jsonapi-parser (0.1.1.beta3)
    jsonapi-renderer (0.1.1.beta1)
    jwt (1.5.6)
    kaminari (1.1.1)
      activesupport (>= 4.1.0)
      kaminari-actionview (= 1.1.1)
      kaminari-activerecord (= 1.1.1)
      kaminari-core (= 1.1.1)
    kaminari-actionview (1.1.1)
      actionview
      kaminari-core (= 1.1.1)
    kaminari-activerecord (1.1.1)
      activerecord
      kaminari-core (= 1.1.1)
    kaminari-core (1.1.1)
    liquid (4.0.0)
    loofah (2.2.2)
      crass (~> 1.0.2)
      nokogiri (>= 1.5.9)
    mail (2.7.0)
      mini_mime (>= 0.1.1)
    method_source (0.9.0)
    mime-types (3.1)
      mime-types-data (~> 3.2015)
    mime-types-data (3.2016.0521)
    mini_mime (1.0.0)
    mini_portile2 (2.3.0)
    minitest (5.11.3)
    money (6.11.3)
      i18n (>= 0.6.4, < 1.1)
    mustermann (1.0.2)
    netrc (0.11.0)
    newrelic_rpm (3.18.1.330)
    nio4r (2.3.1)
    nokogiri (1.8.2)
      mini_portile2 (~> 2.3.0)
    oj (3.6.2)
    paleta (0.3.0)
    pg (0.21.0)
    pry (0.11.3)
      coderay (~> 1.1.0)
      method_source (~> 0.9.0)
    public_suffix (3.0.2)
    puma (3.11.4)
    pundit (1.1.0)
      activesupport (>= 3.0.0)
    rack (2.0.5)
    rack-cors (0.4.1)
    rack-protection (2.0.3)
      rack
    rack-test (0.6.3)
      rack (>= 1.0)
    rails (5.1.0)
      actioncable (= 5.1.0)
      actionmailer (= 5.1.0)
      actionpack (= 5.1.0)
      actionview (= 5.1.0)
      activejob (= 5.1.0)
      activemodel (= 5.1.0)
      activerecord (= 5.1.0)
      activesupport (= 5.1.0)
      bundler (>= 1.3.0, < 2.0)
      railties (= 5.1.0)
      sprockets-rails (>= 2.0.0)
    rails-dom-testing (2.0.3)
      activesupport (>= 4.2.0)
      nokogiri (>= 1.6)
    rails-html-sanitizer (1.0.4)
      loofah (~> 2.2, >= 2.2.2)
    railties (5.1.0)
      actionpack (= 5.1.0)
      activesupport (= 5.1.0)
      method_source
      rake (>= 0.8.7)
      thor (>= 0.18.1, < 2.0)
    rake (12.3.1)
    redcarpet (3.4.0)
    redis (4.0.1)
    representable (3.0.4)
      declarative (< 0.1.0)
      declarative-option (< 0.2.0)
      uber (< 0.2.0)
    rest-client (2.0.2)
      http-cookie (>= 1.0.2, < 2.0)
      mime-types (>= 1.16, < 4.0)
      netrc (~> 0.8)
    roar (1.1.0)
      representable (~> 3.0.0)
    roar-jsonapi (0.0.3)
      representable (~> 3.0, >= 3.0.3)
      roar (~> 1.1)
    roda (2.29.0)
      rack
    rom (4.2.0)
      rom-changeset (~> 1.0, >= 1.0.2)
      rom-core (~> 4.2, >= 4.2.0)
      rom-repository (~> 2.0, >= 2.0.2)
    rom-changeset (1.0.2)
      dry-core (~> 0.3, >= 0.3.1)
      rom-core (~> 4.0)
      transproc (~> 1.0)
    rom-core (4.2.0)
      concurrent-ruby (~> 1.0)
      dry-container (~> 0.6)
      dry-core (~> 0.3)
      dry-equalizer (~> 0.2)
      dry-inflector (~> 0.1)
      dry-initializer (~> 2.0)
      dry-types (~> 0.12, >= 0.12.1)
      rom-mapper (~> 1.1)
    rom-mapper (1.2.0)
      dry-core (~> 0.3, >= 0.3.1)
      dry-equalizer (~> 0.2)
      dry-struct (~> 0.3)
      transproc (~> 1.0)
    rom-rails (1.1.1)
      addressable (~> 2.3)
      dry-core (~> 0.3)
      dry-equalizer (~> 0.2)
      railties (>= 3.0, < 6.0)
      rom (~> 4.0)
    rom-repository (2.0.2)
      dry-core (~> 0.3)
      dry-initializer (~> 2.0)
      rom-core (~> 4.0)
    rom-sql (2.5.0)
      dry-core (~> 0.3)
      dry-equalizer (~> 0.2)
      dry-types (~> 0.12, >= 0.12.1)
      rom-core (~> 4.1)
      sequel (>= 4.49)
    sequel (5.9.0)
    sequel_pg (1.9.0)
      pg (>= 0.18.0)
      sequel (>= 4.34.0)
    sequel_postgresql_triggers (1.4.0)
      sequel
    shrine (2.6.1)
      down (>= 2.3.6)
    sidekiq (5.1.3)
      concurrent-ruby (~> 1.0)
      connection_pool (~> 2.2, >= 2.2.0)
      rack-protection (>= 1.5.0)
      redis (>= 3.3.5, < 5)
    sinatra (2.0.3)
      mustermann (~> 1.0)
      rack (~> 2.0)
      rack-protection (= 2.0.3)
      tilt (~> 2.0)
    sixarm_ruby_unaccent (1.2.0)
    slim (3.0.9)
      temple (>= 0.7.6, < 0.9)
      tilt (>= 1.3.3, < 2.1)
    slim-rails (3.1.3)
      actionpack (>= 3.1)
      railties (>= 3.1)
      slim (~> 3.0)
    sprockets (3.7.1)
      concurrent-ruby (~> 1.0)
      rack (> 1, < 3)
    sprockets-rails (3.2.1)
      actionpack (>= 4.0)
      activesupport (>= 4.0)
      sprockets (>= 3.0.0)
    stripe (1.58.0)
      rest-client (>= 1.4, < 4.0)
    temple (0.8.0)
    thor (0.19.4)
    thread_safe (0.3.6)
    tilt (2.0.8)
    transproc (1.0.2)
    tzinfo (1.2.5)
      thread_safe (~> 0.1)
    uber (0.1.0)
    unf (0.1.4)
      unf_ext
    unf_ext (0.0.7.5)
    unicode_utils (1.4.0)
    webpack (0.4.2)
    websocket-driver (0.6.5)
      websocket-extensions (>= 0.1.0)
    websocket-extensions (0.1.3)
    wisper (2.0.0)

PLATFORMS
  ruby

DEPENDENCIES
  newrelic_rpm
  piktur!
  piktur_admin!
  piktur_api!
  piktur_core!
  piktur_docs!
  piktur_security!
  piktur_store!
  pry (~> 0.10)
  redcarpet
  yard!

RUBY VERSION
   ruby 2.5.1p57

BUNDLED WITH
   1.16.2
