GIT
  remote: https://bitbucket.org/piktur/piktur.git
  revision: 0ea9d3ffc43d5de690ebfa798af73855bbbab9ef
  branch: master
  specs:
    piktur (0.0.1)
      activesupport (~> 5.1)
      awesome_print (~> 1.7)
      benchmark-ips (~> 2.7)
      byebug (~> 9.0)
      countries (~> 2.0)
      dotenv (~> 2.1)
      dry-configurable (~> 0.7)
      dry-monads (~> 0.3)
      dry-struct (~> 0.3)
      dry-types (~> 0.10)
      faker (~> 1.6)
      foreman (~> 0.81)
      liquid (~> 4.0)
      newrelic_rpm (~> 3.17)
      oj (~> 2.18)
      pry (~> 0.10)
      pry-rescue (~> 1.4)
      pry-stack_explorer (~> 0.4)
      puma (~> 3.4)
      rake (~> 12.0)
      redcarpet (~> 3.0)
      rubocop (~> 0.40)
      simplecov (~> 0.12)
      slim (~> 3.0)
      yard (~> 0.8)

GIT
  remote: https://bitbucket.org/piktur/piktur_admin.git
  revision: b26e4565ef91bf273ae4b532dee0aa6e137bc327
  branch: webpack
  specs:
    piktur_admin (0.0.1)
      rails (= 5.1.0)
      slim-rails (~> 3.1)
      webpack (~> 0.0.1)

GIT
  remote: https://bitbucket.org/piktur/piktur_api.git
  revision: 047d4044c956bc803f350556abeea52786e2fc3d
  branch: rails5
  specs:
    piktur_api (0.0.1)
      rack-cors (~> 0.4)
      rails (= 5.1.0)

GIT
  remote: https://bitbucket.org/piktur/piktur_core.git
  revision: 348af93afb42f80bc5b43cb2c87ea8eabba52540
  branch: rails5
  specs:
    piktur_core (0.0.1)
      actionmailer (= 5.1.0)
      actionpack (= 5.1.0)
      active_model_serializers (= 0.10.2)
      activemodel (= 5.1.0)
      activerecord (= 5.1.0)
      activesupport (= 5.1.0)
      amoeba (~> 3.1)
      ancestry (~> 2.1)
      annotate (= 2.7.1)
      aruba (~> 0.14)
      aws-sdk (~> 2.3)
      bcrypt (~> 3.1)
      better_errors (~> 2.1)
      bullet (~> 5.1)
      capybara (~> 2.7)
      color_sort (~> 1.1)
      database_cleaner (~> 1.5)
      factory_girl_rails (~> 4.7)
      friendly_id (~> 5.1)
      i18n_generators (~> 2.0)
      jasmine (~> 2.4)
      kaminari (~> 1.0)
      listen (>= 3.0.5, < 3.2)
      paleta (~> 0.3)
      pg (~> 0.15)
      pry (~> 0.10)
      pry-rails (~> 0.3)
      pry-rescue (~> 1.4)
      pry-stack_explorer (~> 0.4)
      rails (= 5.1.0)
      roda (~> 2.1)
      rspec-rails (~> 3.4)
      rubocop (~> 0.40)
      shoulda-matchers (~> 3.1)
      shrine (~> 2.6.0)
      sidekiq (~> 5.0)
      spring (~> 1.7)
      spring-commands-rspec (~> 1.0)
      spring-watcher-listen (~> 2.0.0)
      wisper (~> 2.0)
      wisper-rspec
      wisper-testing

GIT
  remote: https://bitbucket.org/piktur/piktur_security.git
  revision: 9c62def9b9c6f883e964e5609c96cb6050bbe579
  branch: rails5
  specs:
    piktur_security (0.0.1)
      activesupport (~> 5.1)
      bcrypt (~> 3.1)
      jwt (~> 1.5)
      pundit (~> 1.1)
      rack (~> 2.0)
      rspec (~> 3.5)
      timecop (~> 0.8.0)

GIT
  remote: https://bitbucket.org/piktur/piktur_store.git
  revision: 63fdbaabeff1223880b1c137eb5c4513658f2a15
  branch: master
  specs:
    piktur_store (0.0.1)
      stripe (~> 1.4)

GIT
  remote: https://github.com/lsegal/yard
  revision: fdf71a4708e91d2c422ef2a815ee9c36a7c60710
  branch: master
  specs:
    yard (0.9.8)

PATH
  remote: .
  specs:
    piktur_docs (0.0.1)
      rack (~> 2.0)

GEM
  remote: http://localhost:9292/
  specs:
    actioncable (5.1.0)
      actionpack (= 5.1.0)
      nio4r (~> 2.0)
      websocket-driver (~> 0.6.1)
    actionmailer (5.1.0)
      actionpack (= 5.1.0)
      actionview (= 5.1.0)
      activejob (= 5.1.0)
      mail (~> 2.5, >= 2.5.4)
      rails-dom-testing (~> 2.0)
    actionpack (5.1.0)
      actionview (= 5.1.0)
      activesupport (= 5.1.0)
      rack (~> 2.0)
      rack-test (~> 0.6.3)
      rails-dom-testing (~> 2.0)
      rails-html-sanitizer (~> 1.0, >= 1.0.2)
    actionview (5.1.0)
      activesupport (= 5.1.0)
      builder (~> 3.1)
      erubi (~> 1.4)
      rails-dom-testing (~> 2.0)
      rails-html-sanitizer (~> 1.0, >= 1.0.3)
    active_model_serializers (0.10.2)
      actionpack (>= 4.1, < 6)
      activemodel (>= 4.1, < 6)
      jsonapi (~> 0.1.1.beta2)
      railties (>= 4.1, < 6)
    activejob (5.1.0)
      activesupport (= 5.1.0)
      globalid (>= 0.3.6)
    activemodel (5.1.0)
      activesupport (= 5.1.0)
    activerecord (5.1.0)
      activemodel (= 5.1.0)
      activesupport (= 5.1.0)
      arel (~> 8.0)
    activesupport (5.1.0)
      concurrent-ruby (~> 1.0, >= 1.0.2)
      i18n (~> 0.7)
      minitest (~> 5.1)
      tzinfo (~> 1.1)
    addressable (2.5.1)
      public_suffix (~> 2.0, >= 2.0.2)
    amoeba (3.1.0)
      activerecord (>= 3.2.6)
    ancestry (2.2.2)
      activerecord (>= 3.0.0)
    annotate (2.7.1)
      activerecord (>= 4.2.5)
      rake (~> 12)
    arel (8.0.0)
    aruba (0.14.2)
      childprocess (~> 0.5.6)
      contracts (~> 0.9)
      cucumber (>= 1.3.19)
      ffi (~> 1.9.10)
      rspec-expectations (>= 2.99)
      thor (~> 0.19)
    ast (2.3.0)
    awesome_print (1.7.0)
    aws-sdk (2.9.17)
      aws-sdk-resources (= 2.9.17)
    aws-sdk-core (2.9.17)
      aws-sigv4 (~> 1.0)
      jmespath (~> 1.0)
    aws-sdk-resources (2.9.17)
      aws-sdk-core (= 2.9.17)
    aws-sigv4 (1.0.0)
    bcrypt (3.1.11)
    benchmark-ips (2.7.2)
    better_errors (2.1.1)
      coderay (>= 1.0.0)
      erubis (>= 2.6.6)
      rack (>= 0.9.0)
    binding_of_caller (0.7.2)
      debug_inspector (>= 0.0.1)
    builder (3.2.3)
    bullet (5.5.1)
      activesupport (>= 3.0.0)
      uniform_notifier (~> 1.10.0)
    byebug (9.0.6)
    capybara (2.14.0)
      addressable
      mime-types (>= 1.16)
      nokogiri (>= 1.3.3)
      rack (>= 1.0.0)
      rack-test (>= 0.5.4)
      xpath (~> 2.0)
    childprocess (0.5.9)
      ffi (~> 1.0, >= 1.0.11)
    coderay (1.1.1)
    color (1.8)
    color_sort (1.1.0)
      color
      colorscore
    colorscore (0.0.5)
      color
    concurrent-ruby (1.0.5)
    connection_pool (2.2.1)
    contracts (0.16.0)
    countries (2.0.8)
      i18n_data (~> 0.7.0)
      money (~> 6.7)
      sixarm_ruby_unaccent (~> 1.1)
      unicode_utils (~> 1.4)
    cucumber (2.4.0)
      builder (>= 2.1.2)
      cucumber-core (~> 1.5.0)
      cucumber-wire (~> 0.0.1)
      diff-lcs (>= 1.1.3)
      gherkin (~> 4.0)
      multi_json (>= 1.7.5, < 2.0)
      multi_test (>= 0.1.2)
    cucumber-core (1.5.0)
      gherkin (~> 4.0)
    cucumber-wire (0.0.1)
    database_cleaner (1.6.1)
    debug_inspector (0.0.3)
    diff-lcs (1.3)
    docile (1.1.5)
    domain_name (0.5.20170404)
      unf (>= 0.0.5, < 1.0.0)
    dotenv (2.2.1)
    down (2.5.1)
    dry-configurable (0.7.0)
      concurrent-ruby (~> 1.0)
    dry-container (0.6.0)
      concurrent-ruby (~> 1.0)
      dry-configurable (~> 0.1, >= 0.1.3)
    dry-core (0.3.1)
      concurrent-ruby (~> 1.0)
    dry-equalizer (0.2.0)
    dry-logic (0.4.1)
      dry-container (~> 0.2, >= 0.2.6)
      dry-core (~> 0.2)
      dry-equalizer (~> 0.2)
    dry-monads (0.3.1)
      dry-core
      dry-equalizer
    dry-struct (0.3.0)
      dry-configurable (~> 0.1)
      dry-core (~> 0.3)
      dry-equalizer (~> 0.2)
      dry-types (~> 0.9, >= 0.9.0)
      ice_nine (~> 0.11)
    dry-types (0.10.3)
      concurrent-ruby (~> 1.0)
      dry-configurable (~> 0.1)
      dry-container (~> 0.3)
      dry-core (~> 0.2, >= 0.2.1)
      dry-equalizer (~> 0.2)
      dry-logic (~> 0.4, >= 0.4.0)
      inflecto (~> 0.0.0, >= 0.0.2)
    erubi (1.6.0)
    erubis (2.7.0)
    factory_girl (4.8.0)
      activesupport (>= 3.0.0)
    factory_girl_rails (4.8.0)
      factory_girl (~> 4.8.0)
      railties (>= 3.0.0)
    faker (1.7.3)
      i18n (~> 0.5)
    ffi (1.9.18)
    foreman (0.84.0)
      thor (~> 0.19.1)
    friendly_id (5.2.1)
      activerecord (>= 4.0.0)
    gherkin (4.1.3)
    globalid (0.4.0)
      activesupport (>= 4.2.0)
    http-cookie (1.0.3)
      domain_name (~> 0.5)
    i18n (0.8.1)
    i18n_data (0.7.0)
    i18n_generators (2.1.1)
      rails (>= 3.0.0)
    ice_nine (0.11.2)
    inflecto (0.0.2)
    interception (0.5)
    jasmine (2.6.0)
      jasmine-core (>= 2.6.0, < 3.0.0)
      phantomjs
      rack (>= 1.2.1)
      rake
    jasmine-core (2.6.1)
    jmespath (1.3.1)
    json (2.1.0)
    jsonapi (0.1.1.beta6)
      jsonapi-parser (= 0.1.1.beta3)
      jsonapi-renderer (= 0.1.1.beta1)
    jsonapi-parser (0.1.1.beta3)
    jsonapi-renderer (0.1.1.beta1)
    jwt (1.5.6)
    kaminari (1.0.1)
      activesupport (>= 4.1.0)
      kaminari-actionview (= 1.0.1)
      kaminari-activerecord (= 1.0.1)
      kaminari-core (= 1.0.1)
    kaminari-actionview (1.0.1)
      actionview
      kaminari-core (= 1.0.1)
    kaminari-activerecord (1.0.1)
      activerecord
      kaminari-core (= 1.0.1)
    kaminari-core (1.0.1)
    liquid (4.0.0)
    listen (3.1.5)
      rb-fsevent (~> 0.9, >= 0.9.4)
      rb-inotify (~> 0.9, >= 0.9.7)
      ruby_dep (~> 1.2)
    loofah (2.0.3)
      nokogiri (>= 1.5.9)
    mail (2.6.5)
      mime-types (>= 1.16, < 4)
    method_source (0.8.2)
    mime-types (3.1)
      mime-types-data (~> 3.2015)
    mime-types-data (3.2016.0521)
    mini_portile2 (2.1.0)
    minitest (5.10.1)
    money (6.9.0)
      i18n (>= 0.6.4, < 0.9)
    multi_json (1.12.1)
    multi_test (0.1.2)
    netrc (0.11.0)
    newrelic_rpm (3.18.1.330)
    nio4r (2.0.0)
    nokogiri (1.7.1)
      mini_portile2 (~> 2.1.0)
    oj (2.18.5)
    paleta (0.3.0)
    parser (2.4.0.0)
      ast (~> 2.2)
    pg (0.20.0)
    phantomjs (2.1.1.0)
    powerpack (0.1.1)
    pry (0.10.4)
      coderay (~> 1.1.0)
      method_source (~> 0.8.1)
      slop (~> 3.4)
    pry-rails (0.3.6)
      pry (>= 0.10.4)
    pry-rescue (1.4.5)
      interception (>= 0.5)
      pry
    pry-stack_explorer (0.4.9.2)
      binding_of_caller (>= 0.7)
      pry (>= 0.9.11)
    public_suffix (2.0.5)
    puma (3.8.2)
    pundit (1.1.0)
      activesupport (>= 3.0.0)
    rack (2.0.1)
    rack-cors (0.4.1)
    rack-protection (2.0.0)
      rack
    rack-test (0.6.3)
      rack (>= 1.0)
    rails (5.1.0)
      actioncable (= 5.1.0)
      actionmailer (= 5.1.0)
      actionpack (= 5.1.0)
      actionview (= 5.1.0)
      activejob (= 5.1.0)
      activemodel (= 5.1.0)
      activerecord (= 5.1.0)
      activesupport (= 5.1.0)
      bundler (>= 1.3.0, < 2.0)
      railties (= 5.1.0)
      sprockets-rails (>= 2.0.0)
    rails-dom-testing (2.0.2)
      activesupport (>= 4.2.0, < 6.0)
      nokogiri (~> 1.6)
    rails-html-sanitizer (1.0.3)
      loofah (~> 2.0)
    railties (5.1.0)
      actionpack (= 5.1.0)
      activesupport (= 5.1.0)
      method_source
      rake (>= 0.8.7)
      thor (>= 0.18.1, < 2.0)
    rainbow (2.2.2)
      rake
    rake (12.0.0)
    rb-fsevent (0.9.8)
    rb-inotify (0.9.8)
      ffi (>= 0.5.0)
    redcarpet (3.4.0)
    redis (3.3.3)
    rest-client (2.0.2)
      http-cookie (>= 1.0.2, < 2.0)
      mime-types (>= 1.16, < 4.0)
      netrc (~> 0.8)
    roda (2.25.0)
      rack
    rspec (3.6.0)
      rspec-core (~> 3.6.0)
      rspec-expectations (~> 3.6.0)
      rspec-mocks (~> 3.6.0)
    rspec-core (3.6.0)
      rspec-support (~> 3.6.0)
    rspec-expectations (3.6.0)
      diff-lcs (>= 1.2.0, < 2.0)
      rspec-support (~> 3.6.0)
    rspec-mocks (3.6.0)
      diff-lcs (>= 1.2.0, < 2.0)
      rspec-support (~> 3.6.0)
    rspec-rails (3.6.0)
      actionpack (>= 3.0)
      activesupport (>= 3.0)
      railties (>= 3.0)
      rspec-core (~> 3.6.0)
      rspec-expectations (~> 3.6.0)
      rspec-mocks (~> 3.6.0)
      rspec-support (~> 3.6.0)
    rspec-support (3.6.0)
    rubocop (0.48.1)
      parser (>= 2.3.3.1, < 3.0)
      powerpack (~> 0.1)
      rainbow (>= 1.99.1, < 3.0)
      ruby-progressbar (~> 1.7)
      unicode-display_width (~> 1.0, >= 1.0.1)
    ruby-progressbar (1.8.1)
    ruby_dep (1.5.0)
    shoulda-matchers (3.1.1)
      activesupport (>= 4.0.0)
    shrine (2.6.1)
      down (>= 2.3.6)
    sidekiq (5.0.0)
      concurrent-ruby (~> 1.0)
      connection_pool (~> 2.2, >= 2.2.0)
      rack-protection (>= 1.5.0)
      redis (~> 3.3, >= 3.3.3)
    simplecov (0.14.1)
      docile (~> 1.1.0)
      json (>= 1.8, < 3)
      simplecov-html (~> 0.10.0)
    simplecov-html (0.10.1)
    sixarm_ruby_unaccent (1.1.1)
    slim (3.0.7)
      temple (~> 0.7.6)
      tilt (>= 1.3.3, < 2.1)
    slim-rails (3.1.2)
      actionpack (>= 3.1)
      railties (>= 3.1)
      slim (~> 3.0)
    slop (3.6.0)
    spring (1.7.2)
    spring-commands-rspec (1.0.4)
      spring (>= 0.9.1)
    spring-watcher-listen (2.0.1)
      listen (>= 2.7, < 4.0)
      spring (>= 1.2, < 3.0)
    sprockets (3.7.1)
      concurrent-ruby (~> 1.0)
      rack (> 1, < 3)
    sprockets-rails (3.2.0)
      actionpack (>= 4.0)
      activesupport (>= 4.0)
      sprockets (>= 3.0.0)
    stripe (1.58.0)
      rest-client (>= 1.4, < 4.0)
    temple (0.7.7)
    thor (0.19.4)
    thread_safe (0.3.6)
    tilt (2.0.7)
    timecop (0.8.1)
    tzinfo (1.2.3)
      thread_safe (~> 0.1)
    unf (0.1.4)
      unf_ext
    unf_ext (0.0.7.4)
    unicode-display_width (1.2.1)
    unicode_utils (1.4.0)
    uniform_notifier (1.10.0)
    webpack (0.0.1)
    websocket-driver (0.6.5)
      websocket-extensions (>= 0.1.0)
    websocket-extensions (0.1.2)
    wisper (2.0.0)
    wisper-rspec (0.0.3)
    wisper-testing (0.1.0)
      wisper (~> 2.0)
    xpath (2.0.0)
      nokogiri (~> 1.3)

PLATFORMS
  ruby

DEPENDENCIES
  newrelic_rpm
  piktur!
  piktur_admin!
  piktur_api!
  piktur_core!
  piktur_docs!
  piktur_security!
  piktur_store!
  redcarpet
  yard!

RUBY VERSION
   ruby 2.4.1p111

BUNDLED WITH
   1.14.6
